GIT
  remote: https://github.com/NYULibraries/redis-sinatra.git
  revision: 224c77620e6214528b916dbcf16aeabe2b35c934
  specs:
    redis-sinatra (1.4.0)
      redis-store (~> 1.3.0)
      sinatra (~> 1.4.0)

GEM
  remote: https://rubygems.org/
  specs:
    kgio (2.11.0)
    rack (1.6.5)
    rack-protection (1.5.3)
      rack
    raindrops (0.17.0)
    redis (3.3.3)
    redis-store (1.3.0)
      redis (>= 2.2)
    sinatra (1.4.8)
      rack (~> 1.5)
      rack-protection (~> 1.4)
      tilt (>= 1.3, < 3)
    tilt (2.0.6)
    unicorn (5.2.0)
      kgio (~> 2.6)
      raindrops (~> 0.7)

PLATFORMS
  ruby

DEPENDENCIES
  redis-sinatra!
  sinatra
  unicorn

BUNDLED WITH
   1.14.5
