GIT
  remote: https://github.com/NYULibraries/lib_guides-api.git
  revision: c9e06fb65a78144528cf396ac92e6d22a326778d
  specs:
    lib_guides-api (0.0.0)
      faraday (>= 0.11)
      json

GIT
  remote: https://github.com/NYULibraries/salon_loaders.git
  revision: e83693865cd939f06d1167ca372c481a9adab434
  specs:
    salon_loaders (0.0.1)
      activerecord
      mysql2
      ox
      rake (>= 12)

GEM
  remote: https://rubygems.org/
  specs:
    activemodel (5.1.1)
      activesupport (= 5.1.1)
    activerecord (5.1.1)
      activemodel (= 5.1.1)
      activesupport (= 5.1.1)
      arel (~> 8.0)
    activesupport (5.1.1)
      concurrent-ruby (~> 1.0, >= 1.0.2)
      i18n (~> 0.7)
      minitest (~> 5.1)
      tzinfo (~> 1.1)
    arel (8.0.0)
    coderay (1.1.1)
    concurrent-ruby (1.0.5)
    diff-lcs (1.3)
    faraday (0.12.1)
      multipart-post (>= 1.2, < 3)
    i18n (0.8.1)
    json (2.1.0)
    kgio (2.11.0)
    method_source (0.8.2)
    minitest (5.10.2)
    multipart-post (2.0.0)
    mysql2 (0.4.6)
    ox (2.5.0)
    pry (0.10.4)
      coderay (~> 1.1.0)
      method_source (~> 0.8.1)
      slop (~> 3.4)
    rack (1.6.5)
    rack-protection (1.5.3)
      rack
    rack-test (0.6.3)
      rack (>= 1.0)
    raindrops (0.18.0)
    rake (12.0.0)
    redis (3.3.3)
    redis-store (1.3.0)
      redis (>= 2.2)
    rspec (3.5.0)
      rspec-core (~> 3.5.0)
      rspec-expectations (~> 3.5.0)
      rspec-mocks (~> 3.5.0)
    rspec-core (3.5.4)
      rspec-support (~> 3.5.0)
    rspec-expectations (3.5.0)
      diff-lcs (>= 1.2.0, < 2.0)
      rspec-support (~> 3.5.0)
    rspec-mocks (3.5.0)
      diff-lcs (>= 1.2.0, < 2.0)
      rspec-support (~> 3.5.0)
    rspec-support (3.5.0)
    sinatra (1.4.8)
      rack (~> 1.5)
      rack-protection (~> 1.4)
      tilt (>= 1.3, < 3)
    slop (3.6.0)
    thread_safe (0.3.6)
    tilt (2.0.7)
    tzinfo (1.2.3)
      thread_safe (~> 0.1)
    unicorn (5.2.0)
      kgio (~> 2.6)
      raindrops (~> 0.7)

PLATFORMS
  ruby

DEPENDENCIES
  json (~> 2.1)
  lib_guides-api!
  pry
  rack-test (~> 0.6.3)
  rake (~> 12.0)
  redis-store (~> 1.3.0)
  rspec (~> 3.5.0)
  salon_loaders!
  sinatra (~> 1.4.8)
  unicorn (~> 5.2.0)

BUNDLED WITH
   1.14.6
